GEM
  remote: https://rubygems.org/
  specs:
    haml (6.1.2)
      temple (>= 0.8.2)
      thor
      tilt
    temple (0.10.2)
    thor (1.2.2)
    tilt (2.3.0)

PLATFORMS
  arm64-darwin-22

DEPENDENCIES
  haml

BUNDLED WITH
   2.4.19
